GEM
  remote: https://rubygems.org/
  specs:
    aws-eventstream (1.0.2)
    aws-partitions (1.146.0)
    aws-sdk-core (3.48.2)
      aws-eventstream (~> 1.0, >= 1.0.2)
      aws-partitions (~> 1.0)
      aws-sigv4 (~> 1.1)
      jmespath (~> 1.0)
    aws-sdk-kms (1.16.0)
      aws-sdk-core (~> 3, >= 3.48.2)
      aws-sigv4 (~> 1.1)
    aws-sdk-s3 (1.35.0)
      aws-sdk-core (~> 3, >= 3.48.2)
      aws-sdk-kms (~> 1)
      aws-sigv4 (~> 1.0)
    aws-sigv4 (1.1.0)
      aws-eventstream (~> 1.0, >= 1.0.2)
    jmespath (1.4.0)
    rmagick (2.16.0)

PLATFORMS
  ruby

DEPENDENCIES
  aws-sdk-s3
  rmagick (= 2.16.0)

BUNDLED WITH
   2.0.1
